GEM
  remote: https://rubygems.org/
  specs:
    avro (1.8.2)
      multi_json
    multi_json (1.12.2)
    ruby-kafka (0.5.1)

PLATFORMS
  ruby

DEPENDENCIES
  avro
  ruby-kafka

BUNDLED WITH
   1.16.0
